GIT
  remote: git://github.com/ddollar/foreman.git
  revision: 4e6480cbe011a0972bd6a963cb154b4bbbc4c3e3
  specs:
    foreman (0.78.0)
      thor (~> 0.19.1)

GIT
  remote: git://github.com/dwilkie/foreman-upstart-su.git
  revision: cba437285eba23d15e70caddb90c44528b02b31f
  specs:
    foreman-upstart-su (0.0.1)

GIT
  remote: git://github.com/hyperoslo/capistrano-foreman.git
  revision: 2cf9273fa0bc0b44358d20072cbae5b97d6a80b3
  specs:
    capistrano-foreman (1.2.0)
      capistrano (~> 3.1)
      capistrano-bundler (~> 1.1)

GEM
  remote: https://rubygems.org/
  specs:
    capistrano (3.4.0)
      i18n
      rake (>= 10.0.0)
      sshkit (~> 1.3)
    capistrano-bundler (1.1.4)
      capistrano (~> 3.1)
      sshkit (~> 1.2)
    capistrano-rbenv (2.0.3)
      capistrano (~> 3.1)
      sshkit (~> 1.3)
    celluloid (0.16.0)
      timers (~> 4.0.0)
    colorize (0.7.5)
    connection_pool (2.1.3)
    hitimes (1.2.2)
    i18n (0.7.0)
    json (1.8.2)
    net-scp (1.2.1)
      net-ssh (>= 2.6.5)
    net-ssh (2.9.2)
    rake (10.4.2)
    redis (3.2.1)
    redis-namespace (1.5.2)
      redis (~> 3.0, >= 3.0.4)
    sidekiq (3.3.3)
      celluloid (>= 0.16.0)
      connection_pool (>= 2.1.1)
      json
      redis (>= 3.0.6)
      redis-namespace (>= 1.3.1)
    sshkit (1.7.1)
      colorize (>= 0.7.0)
      net-scp (>= 1.1.2)
      net-ssh (>= 2.8.0)
    thor (0.19.1)
    timers (4.0.1)
      hitimes

PLATFORMS
  ruby

DEPENDENCIES
  capistrano
  capistrano-bundler
  capistrano-foreman!
  capistrano-rbenv
  foreman!
  foreman-upstart-su!
  sidekiq
